GEM
  remote: https://rubygems.org/
  specs:
    descriptive_statistics (2.5.1)
    haversine (0.3.2)
    minitest (5.14.0)
    rake (13.0.1)

PLATFORMS
  ruby

DEPENDENCIES
  descriptive_statistics
  haversine
  minitest
  rake

BUNDLED WITH
   2.1.4
